PATH
  remote: .
  specs:
    omniauth-yandex (0.0.3)
      omniauth (~> 2.1)
      omniauth-oauth2 (~> 1.0)

GEM
  remote: http://rubygems.org/
  specs:
    base64 (0.2.0)
    bigdecimal (3.1.8)
    faraday (2.12.0)
      faraday-net_http (>= 2.0, < 3.4)
      json
      logger
    faraday-net_http (3.3.0)
      net-http
    hashie (5.0.0)
    json (2.8.1)
    jwt (2.9.3)
      base64
    logger (1.6.1)
    multi_xml (0.7.1)
      bigdecimal (~> 3.1)
    net-http (0.5.0)
      uri
    oauth2 (2.0.9)
      faraday (>= 0.17.3, < 3.0)
      jwt (>= 1.0, < 3.0)
      multi_xml (~> 0.5)
      rack (>= 1.2, < 4)
      snaky_hash (~> 2.0)
      version_gem (~> 1.1)
    omniauth (2.1.2)
      hashie (>= 3.4.6)
      rack (>= 2.2.3)
      rack-protection
    omniauth-oauth2 (1.8.0)
      oauth2 (>= 1.4, < 3)
      omniauth (~> 2.0)
    rack (3.1.8)
    rack-protection (4.0.0)
      base64 (>= 0.1.0)
      rack (>= 3.0.0, < 4)
    rake (13.2.1)
    snaky_hash (2.0.1)
      hashie
      version_gem (~> 1.1, >= 1.1.1)
    uri (1.0.1)
    version_gem (1.1.4)

PLATFORMS
  arm64-darwin-23
  ruby

DEPENDENCIES
  omniauth (~> 2.1)
  omniauth-yandex!
  rake

BUNDLED WITH
   2.5.23
